PATH
  remote: .
  specs:
    api_call_cache (0.1.0)

GEM
  remote: https://rubygems.org/
  specs:

PLATFORMS
  ruby

DEPENDENCIES
  api_call_cache!
  bundler (~> 1.16)

BUNDLED WITH
   1.16.3
